NUGET
  remote: https://www.nuget.org/api/v2
    FSharp.Core (4.0.0.1)
    FSharp.Data (2.3.1)
      Zlib.Portable (>= 1.11) - restriction: || (>= portable-net45+win8+sl5) (>= portable-net45+win8+wp8+wpa81)
    Suave (1.1.3)
      FSharp.Core (>= 3.1.2.5)
    Zlib.Portable (1.11) - restriction: || (>= portable-net45+win8+sl5) (>= portable-net45+win8+wp8+wpa81)
